GEM
  remote: https://rubygems.org/
  specs:
    base64 (0.2.0)
    byebug (11.1.3)
    coderay (1.1.3)
    excon (0.110.0)
    method_source (1.0.0)
    mustermann (3.0.0)
      ruby2_keywords (~> 0.0.1)
    pry (0.14.2)
      coderay (~> 1.1)
      method_source (~> 1.0)
    pry-byebug (3.10.1)
      byebug (~> 11.0)
      pry (>= 0.13, < 0.15)
    ruby2_keywords (0.0.5)
    spyder (0.1.1)
      mustermann (~> 3.0)

PLATFORMS
  arm64-darwin-22
  ruby

DEPENDENCIES
  base64
  excon
  pry-byebug
  spyder

BUNDLED WITH
   2.5.7
